GEM
  remote: https://rubygems.org/
  specs:
    bson (1.12.0)
    minitest (5.5.1)
    mongo (1.12.0)
      bson (= 1.12.0)
    mongodb (2.1.0)
      mongo (~> 1.5)

PLATFORMS
  ruby

DEPENDENCIES
  minitest
  mongodb
